GEM
  remote: https://rubygems.org/
  specs:
    hello-world (1.2.0)

PLATFORMS
  java

DEPENDENCIES
  hello-world (= 1.2.0)

BUNDLED WITH
   2.1.4
